GEM
  remote: https://rubygems.org/
  specs:
    addressable (2.6.0)
      public_suffix (>= 2.0.2, < 4.0)
    crack (0.4.3)
      safe_yaml (~> 1.0.0)
    diff-lcs (1.3)
    dotenv (2.7.4)
    hashdiff (1.0.0.beta1)
    httpclient (2.8.3)
    mini_portile2 (2.4.0)
    nokogiri (1.10.3)
      mini_portile2 (~> 2.4.0)
    pg (1.1.4)
    public_suffix (3.1.1)
    rspec (2.99.0)
      rspec-core (~> 2.99.0)
      rspec-expectations (~> 2.99.0)
      rspec-mocks (~> 2.99.0)
    rspec-core (2.99.2)
    rspec-expectations (2.99.2)
      diff-lcs (>= 1.1.3, < 2.0)
    rspec-mocks (2.99.4)
    rspec-sequel (0.0.1)
      rspec (~> 2.13)
      sequel (~> 4.0)
    rspec_sequel_matchers (0.5.0)
      sequel (>= 3.8.0)
    safe_yaml (1.0.5)
    sequel (4.49.0)
    webmock (3.6.0)
      addressable (>= 2.3.6)
      crack (>= 0.3.2)
      hashdiff (>= 0.4.0, < 2.0.0)

PLATFORMS
  ruby

DEPENDENCIES
  dotenv
  hashdiff (>= 1.0.0.beta1, < 2.0.0)
  httpclient
  nokogiri
  pg
  rspec
  rspec-sequel
  rspec_sequel_matchers
  sequel
  webmock

BUNDLED WITH
   2.0.2
